GEM
  remote: https://rubygems.org/
  specs:
    excon (0.60.0)
    json (2.1.0)
    multi_json (1.13.1)
    neography (1.8.0)
      excon (>= 0.33.0)
      json (>= 1.7.7)
      multi_json (>= 1.3.2)
      os (>= 0.9.6)
      rake (>= 0.8.7)
      rubyzip (>= 1.0.0)
    os (1.0.0)
    rake (12.3.0)
    rubyzip (1.2.1)

PLATFORMS
  ruby

DEPENDENCIES
  neography

BUNDLED WITH
   1.16.1
